PATH
  remote: .
  specs:
    mpo_tools (0.0.1)
      rmagick

GEM
  remote: http://rubygems.org/
  specs:
    colored (1.2)
    diff-lcs (1.2.5)
    rake (10.1.1)
    rake-notes (0.2.0)
      colored
      rake
    rmagick (2.13.2)
    rspec (2.14.1)
      rspec-core (~> 2.14.0)
      rspec-expectations (~> 2.14.0)
      rspec-mocks (~> 2.14.0)
    rspec-core (2.14.7)
    rspec-expectations (2.14.5)
      diff-lcs (>= 1.1.3, < 2.0)
    rspec-mocks (2.14.5)

PLATFORMS
  ruby

DEPENDENCIES
  mpo_tools!
  rake
  rake-notes
  rspec
